GEM
  remote: https://rubygems.org/
  specs:
    sequel (5.9.0)
    sqlite3 (1.3.13)

PLATFORMS
  ruby

DEPENDENCIES
  sequel (~> 5.9.0)
  sqlite3 (~> 1.3.13)

BUNDLED WITH
   1.16.2
